GEM
  remote: https://rubygems.org/
  specs:
    climate_control (0.2.0)
    terrapin (0.6.0)
      climate_control (>= 0.0.3, < 1.0)
    thor (0.20.0)

PLATFORMS
  ruby

DEPENDENCIES
  terrapin
  thor

BUNDLED WITH
   1.16.4
